GIT
  remote: git://github.com/guard/guard-shell.git
  revision: 4039c59836816e837abe661783b525e5474469a2
  specs:
    guard-shell (0.1.1)
      guard (>= 0.2.0)

GEM
  specs:
    growl (1.0.3)
    guard (0.8.8)
      thor (~> 0.14.6)
    rb-fsevent (0.4.3.1)
    thor (0.14.6)

PLATFORMS
  ruby

DEPENDENCIES
  growl
  guard
  guard-shell!
  rb-fsevent
